GEM
  remote: http://rubygems.org/
  specs:
    ghost (0.3.0)

PLATFORMS
  ruby

DEPENDENCIES
  ghost
